GEM
  remote: https://rubygems.org/
  specs:
    beefcake (0.3.7)
    json (1.7.7)
    rack (1.5.2)
    rack-protection (1.5.0)
      rack
    sinatra (1.4.2)
      rack (~> 1.5, >= 1.5.2)
      rack-protection (~> 1.4)
      tilt (~> 1.3, >= 1.3.4)
    tilt (1.3.7)

PLATFORMS
  x86-mingw32

DEPENDENCIES
  beefcake
  json
  sinatra
